PATH
  remote: .
  specs:
    gandinet (0.1.0)
      oauth2 (~> 1.4.1)
      unirest (~> 1.1.2)

GEM
  remote: https://rubygems.org/
  specs:
    addressable (2.3.8)
    faraday (0.15.4)
      multipart-post (>= 1.2, < 3)
    json (1.8.6)
    jwt (2.2.1)
    mime-types (1.25.1)
    multi_json (1.13.1)
    multi_xml (0.6.0)
    multipart-post (2.1.1)
    oauth2 (1.4.1)
      faraday (>= 0.8, < 0.16.0)
      jwt (>= 1.0, < 3.0)
      multi_json (~> 1.3)
      multi_xml (~> 0.5)
      rack (>= 1.2, < 3)
    rack (2.0.8)
    rake (10.5.0)
    rest-client (1.6.9)
      mime-types (~> 1.16)
    unirest (1.1.2)
      addressable (~> 2.3.5)
      json (~> 1.8.1)
      rest-client (~> 1.6.7)

PLATFORMS
  ruby

DEPENDENCIES
  bundler (~> 2.0)
  gandinet!
  rake (~> 10.0)

BUNDLED WITH
   2.0.1
